GEM
  remote: https://rubygems.org/
  specs:
    dotenv (0.7.0)
    foreman (0.64.0)
      dotenv (~> 0.7.0)
      thor (>= 0.13.6)
    haml (4.0.5)
      tilt
    rack (1.5.2)
    rack-protection (1.5.3)
      rack
    sass (3.4.14)
    sinatra (1.4.5)
      rack (~> 1.4)
      rack-protection (~> 1.4)
      tilt (~> 1.3, >= 1.3.4)
    thor (0.19.1)
    tilt (1.4.1)

PLATFORMS
  ruby

DEPENDENCIES
  foreman
  haml
  sass
  sinatra

RUBY VERSION
   ruby 2.4.1p111

BUNDLED WITH
   1.14.6
