GEM
  remote: https://rubygems.org/
  specs:
    ffi (1.15.5)
    foreman (0.87.2)
    haml (5.2.2)
      temple (>= 0.8.0)
      tilt
    mustermann (2.0.2)
      ruby2_keywords (~> 0.0.1)
    nio4r (2.5.8)
    puma (5.6.5)
      nio4r (~> 2.0)
    rack (2.2.4)
    rack-protection (2.2.2)
      rack
    rb-fsevent (0.11.1)
    rb-inotify (0.10.1)
      ffi (~> 1.0)
    ruby2_keywords (0.0.5)
    sass (3.7.4)
      sass-listen (~> 4.0.0)
    sass-listen (4.0.0)
      rb-fsevent (~> 0.9, >= 0.9.4)
      rb-inotify (~> 0.9, >= 0.9.7)
    sinatra (2.2.2)
      mustermann (~> 2.0)
      rack (~> 2.2)
      rack-protection (= 2.2.2)
      tilt (~> 2.0)
    temple (0.8.2)
    tilt (2.0.11)

PLATFORMS
  x86_64-darwin-20
  x86_64-linux

DEPENDENCIES
  foreman
  haml
  puma
  sass
  sinatra

RUBY VERSION
   ruby 3.0.4p208

BUNDLED WITH
   2.3.11
